GEM
  remote: https://rubygems.org/
  specs:
    icalendar (2.8.0)
      ice_cube (~> 0.16)
    ice_cube (0.16.4)

PLATFORMS
  arm64-darwin-21

DEPENDENCIES
  icalendar

BUNDLED WITH
   2.3.12
